GEM
  remote: http://rubygems.org/
  specs:
    coderay (1.0.9)
    haml (4.0.5)
      tilt
    kramdown (1.3.1)
    method_source (0.8.2)
    newrelic_rpm (3.8.1.221)
    pry (0.9.12.5)
      coderay (~> 1.0)
      method_source (~> 0.8)
      slop (~> 3.4)
    rack (1.5.2)
    rack-protection (1.5.2)
      rack
    sinatra (1.4.4)
      rack (~> 1.4)
      rack-protection (~> 1.4)
      tilt (~> 1.3, >= 1.3.4)
    slop (3.4.6)
    tilt (1.4.1)
    timeout_cache (0.0.2)

PLATFORMS
  ruby

DEPENDENCIES
  haml
  kramdown
  newrelic_rpm
  pry
  sinatra
  timeout_cache
