GEM
  remote: http://rubygems.org/
  specs:
    coderay (1.1.2)
    haml (5.0.4)
      temple (>= 0.8.0)
      tilt
    kramdown (1.16.2)
    method_source (0.9.0)
    minitest (5.11.3)
    newrelic_rpm (4.8.0.341)
    pry (0.11.3)
      coderay (~> 1.1.0)
      method_source (~> 0.9.0)
    rack (1.5.5)
    rack-protection (1.5.3)
      rack
    sinatra (1.4.8)
      rack (~> 1.5)
      rack-protection (~> 1.4)
      tilt (>= 1.3, < 3)
    temple (0.8.0)
    tilt (2.0.8)
    timeout_cache (0.0.2)

PLATFORMS
  ruby

DEPENDENCIES
  haml
  kramdown
  minitest
  newrelic_rpm
  pry
  rack (~> 1.5.4)
  sinatra
  timeout_cache

RUBY VERSION
   ruby 2.5.0p0

BUNDLED WITH
   1.16.1
