GEM
  remote: http://rubygems.org/
  specs:
    coderay (1.0.9)
    haml (5.0.4)
      temple (>= 0.8.0)
      tilt
    kramdown (1.3.1)
    method_source (0.8.2)
    minitest (5.11.3)
    newrelic_rpm (3.8.1.221)
    pry (0.9.12.5)
      coderay (~> 1.0)
      method_source (~> 0.8)
      slop (~> 3.4)
    rack (1.5.5)
    rack-protection (1.5.2)
      rack
    sinatra (1.4.4)
      rack (~> 1.4)
      rack-protection (~> 1.4)
      tilt (~> 1.3, >= 1.3.4)
    slop (3.4.6)
    temple (0.8.0)
    tilt (1.4.1)
    timeout_cache (0.0.2)

PLATFORMS
  ruby

DEPENDENCIES
  haml
  kramdown
  minitest
  newrelic_rpm
  pry
  rack (~> 1.5.4)
  sinatra
  timeout_cache

RUBY VERSION
   ruby 2.5.0p0

BUNDLED WITH
   1.16.1
